GEM
  remote: https://rubygems.org/
  specs:
    diff-lcs (1.2.5)
    pg (0.17.1)
    rake (12.3.3)
    rspec (2.99.0)
      rspec-core (~> 2.99.0)
      rspec-expectations (~> 2.99.0)
      rspec-mocks (~> 2.99.0)
    rspec-core (2.99.2)
    rspec-expectations (2.99.2)
      diff-lcs (>= 1.1.3, < 2.0)
    rspec-mocks (2.99.2)

PLATFORMS
  ruby

DEPENDENCIES
  pg (~> 0.17.1)
  rake (>= 0.9.2)
  rspec (~> 2.99.0)
